PATH
  remote: .
  specs:
    gitlab-schema-validation (0.1.0)
      diffy
      pg_query

GEM
  remote: https://rubygems.org/
  specs:
    activesupport (7.0.8)
      concurrent-ruby (~> 1.0, >= 1.0.2)
      i18n (>= 1.6, < 2)
      minitest (>= 5.1)
      tzinfo (~> 2.0)
    ast (2.4.2)
    benchmark-malloc (0.2.0)
    benchmark-perf (0.6.0)
    benchmark-trend (0.4.0)
    binding_of_caller (1.0.0)
      debug_inspector (>= 0.0.1)
    coderay (1.1.3)
    concurrent-ruby (1.2.2)
    debug_inspector (1.1.0)
    diff-lcs (1.5.0)
    diffy (3.4.2)
    gitlab-styles (10.1.0)
      rubocop (~> 1.50.2)
      rubocop-graphql (~> 0.18)
      rubocop-performance (~> 1.15)
      rubocop-rails (~> 2.17)
      rubocop-rspec (~> 2.22)
    google-protobuf (3.23.3)
    i18n (1.14.1)
      concurrent-ruby (~> 1.0)
    json (2.6.3)
    method_source (1.0.0)
    minitest (5.20.0)
    parallel (1.23.0)
    parser (3.2.2.3)
      ast (~> 2.4.1)
      racc
    pg (1.5.3)
    pg_query (4.2.1)
      google-protobuf (>= 3.22.3)
    proc_to_ast (0.1.0)
      coderay
      parser
      unparser
    pry (0.14.2)
      coderay (~> 1.1)
      method_source (~> 1.0)
    racc (1.7.1)
    rack (3.0.8)
    rainbow (3.1.1)
    regexp_parser (2.8.1)
    rexml (3.2.5)
    rspec (3.12.0)
      rspec-core (~> 3.12.0)
      rspec-expectations (~> 3.12.0)
      rspec-mocks (~> 3.12.0)
    rspec-benchmark (0.6.0)
      benchmark-malloc (~> 0.2)
      benchmark-perf (~> 0.6)
      benchmark-trend (~> 0.4)
      rspec (>= 3.0)
    rspec-core (3.12.2)
      rspec-support (~> 3.12.0)
    rspec-expectations (3.12.3)
      diff-lcs (>= 1.2.0, < 2.0)
      rspec-support (~> 3.12.0)
    rspec-mocks (3.12.5)
      diff-lcs (>= 1.2.0, < 2.0)
      rspec-support (~> 3.12.0)
    rspec-parameterized (1.0.0)
      rspec-parameterized-core (< 2)
      rspec-parameterized-table_syntax (< 2)
    rspec-parameterized-core (1.0.0)
      parser
      proc_to_ast
      rspec (>= 2.13, < 4)
      unparser
    rspec-parameterized-table_syntax (1.0.0)
      binding_of_caller
      rspec-parameterized-core (< 2)
    rspec-support (3.12.1)
    rubocop (1.50.2)
      json (~> 2.3)
      parallel (~> 1.10)
      parser (>= 3.2.0.0)
      rainbow (>= 2.2.2, < 4.0)
      regexp_parser (>= 1.8, < 3.0)
      rexml (>= 3.2.5, < 4.0)
      rubocop-ast (>= 1.28.0, < 2.0)
      ruby-progressbar (~> 1.7)
      unicode-display_width (>= 2.4.0, < 3.0)
    rubocop-ast (1.29.0)
      parser (>= 3.2.1.0)
    rubocop-capybara (2.18.0)
      rubocop (~> 1.41)
    rubocop-factory_bot (2.23.1)
      rubocop (~> 1.33)
    rubocop-graphql (0.19.0)
      rubocop (>= 0.87, < 2)
    rubocop-performance (1.18.0)
      rubocop (>= 1.7.0, < 2.0)
      rubocop-ast (>= 0.4.0)
    rubocop-rails (2.20.2)
      activesupport (>= 4.2.0)
      rack (>= 1.1)
      rubocop (>= 1.33.0, < 2.0)
    rubocop-rspec (2.22.0)
      rubocop (~> 1.33)
      rubocop-capybara (~> 2.17)
      rubocop-factory_bot (~> 2.22)
    ruby-progressbar (1.13.0)
    tzinfo (2.0.6)
      concurrent-ruby (~> 1.0)
    unicode-display_width (2.4.2)
    unparser (0.6.8)
      diff-lcs (~> 1.3)
      parser (>= 3.2.0)

PLATFORMS
  ruby

DEPENDENCIES
  gitlab-schema-validation!
  gitlab-styles (~> 10.1.0)
  pg (~> 1.5.3)
  pry
  rspec (~> 3.0)
  rspec-benchmark (~> 0.6.0)
  rspec-parameterized (~> 1.0)
  rubocop (~> 1.50)
  rubocop-rspec (~> 2.22)

BUNDLED WITH
   2.4.14
